Brain Vision Data Exchange Header File Version 1.0
[Common Infos]
DataFile=sub-002.eeg
MarkerFile=sub-002.vmrk
DataFormat=BINARY
DataOrientation=MULTIPLEXED
NumberOfChannels=8
SamplingInterval=4000
[Binary Infos]
BinaryFormat=IEEE_FLOAT_32
[Channel Infos]
Ch1=Channel 1,,1
Ch2=Channel 2,,1
Ch3=Channel 3,,1
Ch4=Channel 4,,1
Ch5=Channel 5,,1
Ch6=Channel 6,,1
Ch7=Channel 7,,1
Ch8=Channel 8,,1
